GEM
  remote: http://rubygems.org/
  specs:
    jieba-jruby (0.0.1)
    jruby-rack (1.1.16)
    json (1.8.1-java)
    rack (1.5.2)
    rack-protection (1.5.3)
      rack
    sinatra (1.4.5)
      rack (~> 1.4)
      rack-protection (~> 1.4)
      tilt (~> 1.3, >= 1.3.4)
    tilt (1.4.1)
    trinidad (1.4.6)
      jruby-rack (~> 1.1.13)
      trinidad_jars (>= 1.3.0, < 1.5.0)
    trinidad_jars (1.4.0)

PLATFORMS
  java

DEPENDENCIES
  jieba-jruby
  json
  sinatra
  trinidad
